GEM
  remote: http://rubygems.org/
  specs:
    fakeweb (1.3.0)
    httparty (0.8.1)
      multi_json
      multi_xml
    multi_json (1.0.4)
    multi_xml (0.4.1)
    rake (0.9.2.2)
    thor (0.14.6)
    tvdb_party (0.6.2)
      httparty (>= 0.6.1)
    vcr (2.0.0.rc1)

PLATFORMS
  ruby

DEPENDENCIES
  fakeweb
  rake
  thor
  tvdb_party
  vcr (~> 2.0.0.rc1)
