GEM
  remote: http://rubygems.org/
  specs:
    addressable (2.2.7)
    crack (0.3.1)
    httparty (0.8.1)
      multi_json
      multi_xml
    multi_json (1.1.0)
    multi_xml (0.4.2)
    rake (0.9.2.2)
    thor (0.14.6)
    tvdb_party (0.6.2)
      httparty (>= 0.6.1)
    vcr (2.0.0)
    webmock (1.8.3)
      addressable (>= 2.2.7)
      crack (>= 0.1.7)

PLATFORMS
  ruby

DEPENDENCIES
  rake (~> 0.9)
  thor
  tvdb_party
  vcr (~> 2.0.0)
  webmock (~> 1.8.3)
